GIT
  remote: https://github.com/LVALL/html_maker
  revision: eaf67b848ae5f215ecc9faee5227545e53674dfb
  specs:
    html_maker (0.1.1)

GEM
  remote: https://rubygems.org/
  specs:
    nokogiri (1.12.5-x64-mingw32)
      racc (~> 1.4)
    racc (1.5.1)

PLATFORMS
  ruby
  x64-mingw32

DEPENDENCIES
  html_maker (>= 0.1.1)!
  nokogiri

BUNDLED WITH
   2.2.22
